PATH
  remote: .
  specs:
    sugarfree-config (2.0.0)

GEM
  remote: http://rubygems.org/
  specs:
    ansi (1.3.0)
    metaclass (0.0.1)
    mocha (0.10.0)
      metaclass (~> 0.0.1)
    turn (0.8.2)
      ansi (>= 1.2.2)

PLATFORMS
  ruby

DEPENDENCIES
  mocha
  sugarfree-config!
  turn
